GIT
  remote: git://github.com/ewlarson/kolors.git
  revision: da7d4b34d3302af293adc029d166af4d7fdb8c6f
  specs:
    kolors (0.0.3)
      cocaine
      oily_png

GEM
  remote: https://rubygems.org/
  specs:
    activesupport (4.2.3)
      i18n (~> 0.7)
      json (~> 1.7, >= 1.7.7)
      minitest (~> 5.1)
      thread_safe (~> 0.3, >= 0.3.4)
      tzinfo (~> 1.1)
    chunky_png (1.3.4)
    climate_control (0.0.3)
      activesupport (>= 3.0)
    cocaine (0.5.7)
      climate_control (>= 0.0.3, < 1.0)
    color (1.7.1)
    i18n (0.7.0)
    json (1.8.3)
    minitest (5.8.0)
    oily_png (1.2.0)
      chunky_png (~> 1.3.1)
    rmagick (2.14.0)
    thread_safe (0.3.5)
    tzinfo (1.2.2)
      thread_safe (~> 0.1)

PLATFORMS
  ruby

DEPENDENCIES
  color
  kolors!
  rmagick

BUNDLED WITH
   1.10.6
